GEM
  remote: https://rubygems.org/
  specs:
    dotenv (2.7.5)
    excon (0.72.0)
    json (2.3.0)

PLATFORMS
  ruby

DEPENDENCIES
  dotenv (~> 2.7.5)
  excon (~> 0.72.0)
  json (~> 2.3.0)

RUBY VERSION
   ruby 2.6.5p114

BUNDLED WITH
   2.1.4
